GEM
  remote: https://rubygems.org/
  specs:
    addressable (2.8.1)
      public_suffix (>= 2.0.2, < 6.0)
    awesome_print (1.8.0)
    aws-eventstream (1.0.3)
    aws-partitions (1.226.0)
    aws-sdk-core (3.69.1)
      aws-eventstream (~> 1.0, >= 1.0.2)
      aws-partitions (~> 1.0)
      aws-sigv4 (~> 1.1)
      jmespath (~> 1.0)
    aws-sdk-rekognition (1.30.0)
      aws-sdk-core (~> 3, >= 3.61.1)
      aws-sigv4 (~> 1.1)
    aws-sigv4 (1.1.0)
      aws-eventstream (~> 1.0, >= 1.0.2)
    binding_of_caller (0.8.0)
      debug_inspector (>= 0.0.1)
    concurrent-ruby (1.1.5)
    debug_inspector (0.0.3)
    dotenv (2.7.5)
    down (5.0.0)
      addressable (~> 2.5)
    equatable (0.6.1)
    et-orbi (1.2.2)
      tzinfo
    faraday (0.17.0)
      multipart-post (>= 1.2, < 3)
    fugit (1.3.3)
      et-orbi (~> 1.1, >= 1.1.8)
      raabro (~> 1.1)
    google-cloud-vision (0.36.0)
      google-gax (~> 1.7)
    google-gax (1.7.1)
      google-protobuf (~> 3.2)
      googleapis-common-protos (>= 1.3.5, < 2.0)
      googleauth (>= 0.6.2, < 0.10.0)
      grpc (>= 1.7.2, < 2.0)
      rly (~> 0.2.3)
    google-protobuf (3.9.2)
    googleapis-common-protos (1.3.9)
      google-protobuf (~> 3.0)
      googleapis-common-protos-types (~> 1.0)
      grpc (~> 1.0)
    googleapis-common-protos-types (1.0.4)
      google-protobuf (~> 3.0)
    googleauth (0.9.0)
      faraday (~> 0.12)
      jwt (>= 1.4, < 3.0)
      memoist (~> 0.16)
      multi_json (~> 1.11)
      os (>= 0.9, < 2.0)
      signet (~> 0.7)
    grpc (1.24.0)
      google-protobuf (~> 3.8)
      googleapis-common-protos-types (~> 1.0)
    jmespath (1.4.0)
    jwt (2.2.1)
    memoist (0.16.0)
    multi_json (1.14.1)
    multipart-post (2.1.1)
    mustermann (1.0.3)
    necromancer (0.5.0)
    os (1.0.1)
    pastel (0.7.3)
      equatable (~> 0.6)
      tty-color (~> 0.5)
    public_suffix (5.0.0)
    raabro (1.1.6)
    rack (2.0.7)
    rack-protection (2.0.7)
      rack
    require_all (3.0.0)
    rly (0.2.3)
    rufus-scheduler (3.6.0)
      fugit (~> 1.1, >= 1.1.6)
    sequel (5.25.0)
    signet (0.11.0)
      addressable (~> 2.3)
      faraday (~> 0.9)
      jwt (>= 1.5, < 3.0)
      multi_json (~> 1.10)
    sinatra (2.0.7)
      mustermann (~> 1.0)
      rack (~> 2.0)
      rack-protection (= 2.0.7)
      tilt (~> 2.0)
    sqlite3 (1.4.1)
    tilt (2.0.10)
    tty-color (0.5.0)
    tty-cursor (0.7.0)
    tty-prompt (0.19.0)
      necromancer (~> 0.5.0)
      pastel (~> 0.7.0)
      tty-reader (~> 0.6.0)
    tty-reader (0.6.0)
      tty-cursor (~> 0.7)
      tty-screen (~> 0.7)
      wisper (~> 2.0.0)
    tty-screen (0.7.0)
    tzinfo (2.0.0)
      concurrent-ruby (~> 1.0)
    wisper (2.0.1)

PLATFORMS
  ruby

DEPENDENCIES
  awesome_print (= 1.8.0)
  aws-sdk-rekognition (= 1.30.0)
  binding_of_caller (= 0.8.0)
  dotenv (= 2.7.5)
  down (= 5.0.0)
  google-cloud-vision (= 0.36.0)
  multipart-post (= 2.1.1)
  require_all (= 3.0.0)
  rufus-scheduler (= 3.6.0)
  sequel (= 5.25.0)
  sinatra (= 2.0.7)
  sqlite3 (= 1.4.1)
  tty-prompt (= 0.19.0)

BUNDLED WITH
   2.0.1
